PATH
  remote: .
  specs:
    coco (0.9)

GEM
  remote: https://rubygems.org/
  specs:
    diff-lcs (1.2.4)
    flay (2.4.0)
      ruby_parser (~> 3.0)
      sexp_processor (~> 4.0)
    rainbow (2.0.0)
    rake (10.1.1)
    reek (1.3.7)
      rainbow
      ruby2ruby (~> 2.0.8)
      ruby_parser (~> 3.3)
      sexp_processor
    rspec (2.13.0)
      rspec-core (~> 2.13.0)
      rspec-expectations (~> 2.13.0)
      rspec-mocks (~> 2.13.0)
    rspec-core (2.13.1)
    rspec-expectations (2.13.0)
      diff-lcs (>= 1.1.3, < 2.0)
    rspec-mocks (2.13.1)
    ruby2ruby (2.0.8)
      ruby_parser (~> 3.1)
      sexp_processor (~> 4.0)
    ruby_parser (3.5.0)
      sexp_processor (~> 4.1)
    sexp_processor (4.4.3)

PLATFORMS
  ruby

DEPENDENCIES
  coco!
  flay (~> 2.4)
  rake (>= 10.1.0)
  reek (~> 1.3)
  rspec
